GEM
  remote: https://rubygems.org/
  specs:
    diff-lcs (1.2.5)
    knapsack (1.11.1)
      rake
      timecop (>= 0.1.0)
    rake (11.1.2)
    rspec (3.4.0)
      rspec-core (~> 3.4.0)
      rspec-expectations (~> 3.4.0)
      rspec-mocks (~> 3.4.0)
    rspec-core (3.4.4)
      rspec-support (~> 3.4.0)
    rspec-expectations (3.4.0)
      diff-lcs (>= 1.2.0, < 2.0)
      rspec-support (~> 3.4.0)
    rspec-mocks (3.4.1)
      diff-lcs (>= 1.2.0, < 2.0)
      rspec-support (~> 3.4.0)
    rspec-support (3.4.1)
    timecop (0.8.1)

PLATFORMS
  ruby

DEPENDENCIES
  knapsack
  rspec

BUNDLED WITH
   1.12.3
